!INTERFILE  :=
!name of data file := ./phantom/mMR_umap.i33
!GENERAL DATA :=
!GENERAL IMAGE DATA :=
!type of data := PET
imagedata byte order := LITTLEENDIAN
!PET STUDY (General) :=
!PET data type := Image
process status := Reconstructed
!number format := float
!number of bytes per pixel := 4
number of dimensions := 3
matrix axis label [1] := x
!matrix size [1] := 344
scaling factor (mm/pixel) [1] := 2.08626
matrix axis label [2] := y
!matrix size [2] := 344
scaling factor (mm/pixel) [2] := 2.08626
matrix axis label [3] := z
!number of projections := 127
!matrix size [3] := 127
scaling factor (mm/pixel) [3] := 2.03125
first pixel offset (mm) [1] := -299.031
first pixel offset (mm) [2] := -299.031
first pixel offset (mm) [3] := 0
number of time frames := 1
!END OF INTERFILE :=


